PATH
  remote: .
  specs:
    rails_redis_cache (0.2.0)
      activesupport (~> 3.1)
      i18n (~> 0.6)
      redis (~> 2.0)

GEM
  remote: http://rubygems.org/
  specs:
    activesupport (3.1.3)
      multi_json (~> 1.0)
    diff-lcs (1.1.3)
    fuubar (0.0.6)
      rspec (~> 2.0)
      rspec-instafail (~> 0.1.8)
      ruby-progressbar (~> 0.0.10)
    i18n (0.6.0)
    multi_json (1.0.3)
    rake (0.9.2.2)
    redis (2.2.2)
    rspec (2.7.0)
      rspec-core (~> 2.7.0)
      rspec-expectations (~> 2.7.0)
      rspec-mocks (~> 2.7.0)
    rspec-core (2.7.1)
    rspec-expectations (2.7.0)
      diff-lcs (~> 1.1.2)
    rspec-instafail (0.1.9)
    rspec-mocks (2.7.0)
    ruby-progressbar (0.0.10)

PLATFORMS
  ruby

DEPENDENCIES
  fuubar (~> 0.0.6)
  rails_redis_cache!
  rake (~> 0.9)
  rspec (~> 2.7)
