PATH
  remote: .
  specs:
    rails_redis_cache (0.0.4)
      activesupport (~> 3.0.0)
      redis (>= 2.2.2)

GEM
  remote: http://rubygems.org/
  specs:
    activesupport (3.0.1)
    redis (=> 2.2.2)

PLATFORMS
  ruby

DEPENDENCIES
  activesupport (~> 3.0.0)
  rails_redis_cache!
  redis (>= 2.2.2)
