PATH
  remote: .
  specs:
    rails_redis_cache (0.1.1)
      activesupport (~> 3.1)
      i18n (~> 0.6)
      redis (~> 2.0)

GEM
  remote: http://rubygems.org/
  specs:
    activesupport (3.1.3)
      multi_json (~> 1.0)
    i18n (0.6.0)
    multi_json (1.0.3)
    rake (0.9.2)
    redis (2.2.2)
    rspec (0.0.10)

PLATFORMS
  ruby

DEPENDENCIES
  rails_redis_cache!
  rake (~> 0.9)
  rspec (~> 0.0.6)
